GEM
  remote: https://rubygems.org/
  specs:
    activemodel (4.1.1)
      activesupport (= 4.1.1)
      builder (~> 3.1)
    activerecord (4.1.1)
      activemodel (= 4.1.1)
      activesupport (= 4.1.1)
      arel (~> 5.0.0)
    activesupport (4.1.1)
      i18n (~> 0.6, >= 0.6.9)
      json (~> 1.7, >= 1.7.7)
      minitest (~> 5.1)
      thread_safe (~> 0.1)
      tzinfo (~> 1.1)
    arel (5.0.1.20140414130214)
    backports (3.6.0)
    bcrypt (3.1.7)
    bcrypt-ruby (3.1.5)
      bcrypt (>= 3.1.3)
    builder (3.2.2)
    capybara (2.3.0)
      mime-types (>= 1.16)
      nokogiri (>= 1.3.3)
      rack (>= 1.0.0)
      rack-test (>= 0.5.4)
      xpath (~> 2.0)
    cucumber (1.3.15)
      builder (>= 2.1.2)
      diff-lcs (>= 1.1.3)
      gherkin (~> 2.12)
      multi_json (>= 1.7.5, < 2.0)
      multi_test (>= 0.1.1)
    diff-lcs (1.2.5)
    gherkin (2.12.2)
      multi_json (~> 1.3)
    i18n (0.6.9)
    json (1.8.1)
    mail (2.2.7)
      activesupport (>= 2.3.6)
      mime-types
      treetop (>= 1.4.5)
    mime-types (2.3)
    mini_portile (0.6.0)
    minitest (5.3.4)
    multi_json (1.10.1)
    multi_test (0.1.1)
    mysql (2.9.1)
    nokogiri (1.6.2.1)
      mini_portile (= 0.6.0)
    polyglot (0.3.4)
    pony (1.8)
      mail (>= 2.0)
    rack (1.5.2)
    rack-flash3 (1.0.5)
      rack
    rack-protection (1.5.3)
      rack
    rack-test (0.6.2)
      rack (>= 1.0)
    sinatra (1.4.5)
      rack (~> 1.4)
      rack-protection (~> 1.4)
      tilt (~> 1.3, >= 1.3.4)
    sinatra-activerecord (2.0.2)
      activerecord (>= 3.2)
      sinatra (~> 1.0)
    sinatra-contrib (1.4.2)
      backports (>= 2.0)
      multi_json
      rack-protection
      rack-test
      sinatra (~> 1.4.0)
      tilt (~> 1.3)
    sqlite3 (1.3.9)
    thread_safe (0.3.4)
    tilt (1.4.1)
    treetop (1.5.3)
      polyglot (~> 0.3)
    tzinfo (1.2.0)
      thread_safe (~> 0.1)
    xpath (2.0.0)
      nokogiri (~> 1.3)

PLATFORMS
  ruby

DEPENDENCIES
  activerecord (= 4.1.1)
  bcrypt-ruby (= 3.1.5)
  capybara (= 2.3.0)
  cucumber (= 1.3.15)
  mysql (= 2.9.1)
  pony (= 1.8)
  rack-flash3 (= 1.0.5)
  rack-protection (= 1.5.3)
  sinatra (= 1.4.5)
  sinatra-activerecord (= 2.0.2)
  sinatra-contrib (= 1.4.2)
  sqlite3 (= 1.3.9)
